{
	"Modality": "MR",
	"MagneticFieldStrength": 3,
	"ImagingFrequency": 127.76,
	"Manufacturer": "GE",
	"ManufacturersModelName": "Signa_HDxt",
	"InstitutionName": "FUNDACION_REINA_SOFIA",
	"DeviceSerialNumber": "00000000DEN51500",
	"StationName": "GEMR",
	"PatientPosition": "HFS",
	"ProcedureStepDescription": "AGES_II",
	"SoftwareVersions": "24_LX_MR_Software_release:HD16.0_V01_1108.b",
	"MRAcquisitionType": "2D",
	"SeriesDescription": "DTI_64_dir",
	"ProtocolName": "DTI_64_dir",
	"ScanningSequence": "EP_SE",
	"SequenceVariant": "NONE",
	"ScanOptions": "SAT_GEMS_EPI_GEMS_ACC_GEMS_PFF_FS",
	"ImageType": ["ORIGINAL", "PRIMARY", "OTHER"],
	"SeriesNumber": 10,
	"AcquisitionTime": "19:05:54.000000",
	"AcquisitionNumber": 1,
	"SliceThickness": 2.5,
	"SpacingBetweenSlices": 2.5,
	"SAR": 0.282949,
	"EchoTime": 0.0695,
	"RepetitionTime": 13.1,
	"FlipAngle": 90,
	"PhaseEncodingPolarityGE": "Flipped",
	"CoilString": "8HRBRAIN",
	"PercentPhaseFOV": 100,
	"AcquisitionMatrixPE": 128,
	"ReconMatrixPE": 128,
	"EffectiveEchoSpacing": 0.0006,
	"TotalReadoutTime": 0.0762,
	"PixelBandwidth": 3906.25,
	"PhaseEncodingDirection": "j",
	"SliceTiming": [
		0,
		6.76129,
		0.21129,
		6.97258,
		0.422581,
		7.18387,
		0.633871,
		7.39516,
		0.845161,
		7.60645,
		1.05645,
		7.81774,
		1.26774,
		8.02903,
		1.47903,
		8.24032,
		1.69032,
		8.45161,
		1.90161,
		8.6629,
		2.1129,
		8.87419,
		2.32419,
		9.08548,
		2.53548,
		9.29677,
		2.74677,
		9.50806,
		2.95806,
		9.71936,
		3.16935,
		9.93065,
		3.38065,
		10.1419,
		3.59194,
		10.3532,
		3.80323,
		10.5645,
		4.01452,
		10.7758,
		4.22581,
		10.9871,
		4.4371,
		11.1984,
		4.64839,
		11.4097,
		4.85968,
		11.621,
		5.07097,
		11.8323,
		5.28226,
		12.0435,
		5.49355,
		12.2548,
		5.70484,
		12.4661,
		5.91613,
		12.6774,
		6.12742,
		12.8887,
		6.33871,
		13.1	],
	"ImageOrientationPatientDICOM": [
		1,
		-0,
		0,
		-0,
		1,
		0	],
	"InPlanePhaseEncodingDirectionDICOM": "COL",
	"ConversionSoftware": "dcm2niix",
	"ConversionSoftwareVersion": "v1.0.20190902"
}
