{
	"Modality": "MR",
	"MagneticFieldStrength": 3,
	"ImagingFrequency": 127.76,
	"Manufacturer": "GE",
	"ManufacturersModelName": "Signa_HDxt",
	"InstitutionName": "FUNDACION_REINA_SOFIA",
	"DeviceSerialNumber": "00000000DEN51500",
	"StationName": "GEMR",
	"PatientPosition": "HFS",
	"ProcedureStepDescription": "AGES_II",
	"SoftwareVersions": "24_LX_MR_Software_release:HD16.0_V01_1108.b",
	"MRAcquisitionType": "2D",
	"SeriesDescription": "Field_map_rs_FMRI",
	"ProtocolName": "Field_map_rs_FMRI",
	"ScanningSequence": "RM",
	"SequenceVariant": "NONE",
	"ScanOptions": "ACC_GEMS",
	"ImageType": ["ORIGINAL", "PRIMARY", "OTHER"],
	"SeriesNumber": 9,
	"AcquisitionTime": "19:03:20.000000",
	"AcquisitionNumber": 1,
	"SliceThickness": 3,
	"SpacingBetweenSlices": 3.3,
	"EchoNumber": 1,
	"EchoTime": 0.0058,
	"RepetitionTime": 0.7313,
	"FlipAngle": 60,
	"CoilString": "8HRBRAIN",
	"PercentPhaseFOV": 100,
	"AcquisitionMatrixPE": 64,
	"ReconMatrixPE": 64,
	"PixelBandwidth": 500,
	"PhaseEncodingAxis": "i",
	"SliceTiming": [
		0,
		0.0152354,
		0.0304708,
		0.0457062,
		0.0609417,
		0.0761771,
		0.0914125,
		0.106648,
		0.121883,
		0.137119,
		0.152354,
		0.16759,
		0.182825,
		0.19806,
		0.213296,
		0.228531,
		0.243767,
		0.259002,
		0.274237,
		0.289473,
		0.304708,
		0.319944,
		0.335179,
		0.350415,
		0.36565,
		0.380885,
		0.396121,
		0.411356,
		0.426592,
		0.441827,
		0.457062,
		0.472298,
		0.487533,
		0.502769,
		0.518004,
		0.53324,
		0.548475,
		0.56371,
		0.578946,
		0.594181,
		0.609417,
		0.624652,
		0.639888,
		0.655123,
		0.670358,
		0.685594,
		0.700829,
		0.716065	],
	"ImageOrientationPatientDICOM": [
		1,
		-0,
		0,
		-0,
		0.979088,
		-0.203435	],
	"InPlanePhaseEncodingDirectionDICOM": "ROW",
	"ConversionSoftware": "dcm2niix",
	"ConversionSoftwareVersion": "v1.0.20190902"
}
