{
	"Modality": "MR",
	"MagneticFieldStrength": 3,
	"ImagingFrequency": 127.76,
	"Manufacturer": "GE",
	"ManufacturersModelName": "Signa_HDxt",
	"InstitutionName": "FUNDACION_REINA_SOFIA",
	"DeviceSerialNumber": "00000000DEN51500",
	"StationName": "GEMR",
	"PatientPosition": "HFS",
	"ProcedureStepDescription": "AGES_II",
	"SoftwareVersions": "24_LX_MR_Software_release:HD16.0_V01_1108.b",
	"MRAcquisitionType": "2D",
	"SeriesDescription": "Field_map_tenssor",
	"ProtocolName": "Field_map_tenssor",
	"ScanningSequence": "RM",
	"SequenceVariant": "NONE",
	"ScanOptions": "ACC_GEMS",
	"ImageType": ["ORIGINAL", "PRIMARY", "OTHER"],
	"SeriesNumber": 7,
	"AcquisitionTime": "18:48:49.000000",
	"AcquisitionNumber": 1,
	"SliceThickness": 2.5,
	"SpacingBetweenSlices": 2.5,
	"EchoNumber": 1,
	"EchoTime": 0.0065,
	"RepetitionTime": 0.9491,
	"FlipAngle": 45,
	"CoilString": "8HRBRAIN",
	"PercentPhaseFOV": 100,
	"AcquisitionMatrixPE": 96,
	"ReconMatrixPE": 128,
	"PixelBandwidth": 250,
	"PhaseEncodingAxis": "j",
	"SliceTiming": [
		0,
		0.489858,
		0.0153081,
		0.505166,
		0.0306161,
		0.520474,
		0.0459242,
		0.535782,
		0.0612323,
		0.55109,
		0.0765403,
		0.566398,
		0.0918484,
		0.581706,
		0.107156,
		0.597015,
		0.122465,
		0.612323,
		0.137773,
		0.627631,
		0.153081,
		0.642939,
		0.168389,
		0.658247,
		0.183697,
		0.673555,
		0.199005,
		0.688863,
		0.214313,
		0.704171,
		0.229621,
		0.719479,
		0.244929,
		0.734787,
		0.260237,
		0.750095,
		0.275545,
		0.765403,
		0.290853,
		0.780711,
		0.306161,
		0.796019,
		0.321469,
		0.811327,
		0.336777,
		0.826635,
		0.352085,
		0.841944,
		0.367394,
		0.857252,
		0.382702,
		0.87256,
		0.39801,
		0.887868,
		0.413318,
		0.903176,
		0.428626,
		0.918484,
		0.443934,
		0.933792,
		0.459242,
		0.9491	],
	"ImageOrientationPatientDICOM": [
		1,
		-0,
		0,
		-0,
		1,
		0	],
	"InPlanePhaseEncodingDirectionDICOM": "COL",
	"ConversionSoftware": "dcm2niix",
	"ConversionSoftwareVersion": "v1.0.20190902"
}
