{
	"Modality": "MR",
	"MagneticFieldStrength": 3,
	"ImagingFrequency": 127.76,
	"Manufacturer": "GE",
	"ManufacturersModelName": "Signa_HDxt",
	"InstitutionName": "FUNDACION_REINA_SOFIA",
	"DeviceSerialNumber": "00000000DEN51500",
	"StationName": "GEMR",
	"PatientPosition": "HFS",
	"ProcedureStepDescription": "AGES_II",
	"SoftwareVersions": "24_LX_MR_Software_release:HD16.0_V01_1108.b",
	"MRAcquisitionType": "3D",
	"SeriesDescription": "SAG_IR-SPGR",
	"ProtocolName": "SAG_IR-SPGR",
	"ScanningSequence": "GR",
	"SequenceVariant": "SS_SP_SK",
	"ScanOptions": "FAST_GEMS_EDR_GEMS",
	"ImageType": ["ORIGINAL", "PRIMARY", "OTHER"],
	"SeriesNumber": 3,
	"AcquisitionTime": "18:13:44.000000",
	"AcquisitionNumber": 1,
	"SliceThickness": 1.2,
	"SpacingBetweenSlices": 1.2,
	"SAR": 0.459332,
	"EchoTime": 0.002796,
	"RepetitionTime": 0.006536,
	"InversionTime": 0.4,
	"FlipAngle": 11,
	"CoilString": "8HRBRAIN",
	"PercentPhaseFOV": 100,
	"AcquisitionMatrixPE": 256,
	"ReconMatrixPE": 256,
	"PixelBandwidth": 244.141,
	"ImageOrientationPatientDICOM": [
		-0,
		1,
		0,
		-0,
		-0,
		-1	],
	"InPlanePhaseEncodingDirectionDICOM": "ROW",
	"ConversionSoftware": "dcm2niix",
	"ConversionSoftwareVersion": "v1.0.20190902"
}
